GEM
  specs:
    airbrake (4.1.0)
      builder
      multi_json
    awesome_print (1.6.1)
    bigdecimal (1.2.6)
    builder (3.2.2)
    bundler-unload (1.0.2)
    coderay (1.1.0)
    eventmachine (1.0.7)
    executable-hooks (1.3.2)
    gem-wrappers (1.2.7)
    gmail (0.5.0)
      gmail_xoauth (>= 0.3.0)
      mail (>= 2.2.1)
    gmail_xoauth (0.4.1)
      oauth (>= 0.3.6)
    highline (1.7.0)
    io-console (0.4.3)
    json (1.8.2)
    mail (2.6.3)
      mime-types (>= 1.16, < 3)
    method_source (0.8.2)
    mime-types (2.4.3)
    minitest (5.4.3)
    multi_json (1.10.1)
    nexmo (2.0.0)
    oauth (0.4.7)
    power_assert (0.2.2)
    pry (0.10.1)
      coderay (~> 1.1.0)
      method_source (~> 0.8.1)
      slop (~> 3.4)
    psych (2.0.8)
    rake (10.4.2)
    rdoc (4.2.0)
    redis (3.2.1)
    redis-semaphore (0.2.4)
      redis
    rubygems-bundler (1.4.4)
      bundler-unload (>= 1.0.2)
      executable-hooks (>= 1.3.2)
    rvm (1.11.3.9)
    slop (3.6.0)
    test-unit (3.0.8)
      power_assert
    uuidtools (2.1.5)

PLATFORMS
  ruby

DEPENDENCIES
  airbrake
  awesome_print
  bigdecimal
  builder
  bundler
  bundler-unload
  coderay
  eventmachine
  executable-hooks
  gem-wrappers
  gmail
  gmail_xoauth
  highline
  io-console
  json
  mail
  method_source
  mime-types
  minitest
  multi_json
  nexmo
  oauth
  power_assert
  pry
  psych
  rake
  rdoc
  redis
  redis-semaphore
  rubygems-bundler
  rvm
  slop
  test-unit
  uuidtools
