GEM
  remote: https://rubygems.org/
  specs:
    airbrake (4.2.1)
      builder
      multi_json
    awesome_print (1.6.1)
    bigdecimal (1.2.7)
    builder (3.2.2)
    bundler-unload (1.0.2)
    coderay (1.1.0)
    eventmachine (1.0.7)
    executable-hooks (1.3.2)
    faraday (0.9.1)
      multipart-post (>= 1.2, < 3)
    faraday_middleware (0.9.1)
      faraday (>= 0.7.4, < 0.10)
    gem-wrappers (1.2.7)
    gmail (0.5.0)
      gmail_xoauth (>= 0.3.0)
      mail (>= 2.2.1)
    gmail_xoauth (0.4.1)
      oauth (>= 0.3.6)
    highline (1.7.2)
    json (1.8.3)
    mail (2.6.3)
      mime-types (>= 1.16, < 3)
    method_source (0.8.2)
    mime-types (2.6.1)
    minitest (5.7.0)
    multi_json (1.11.1)
    multipart-post (2.0.0)
    nexmo (3.0.0)
    oauth (0.4.7)
    parse-ruby-client (0.3.0)
      faraday
      faraday_middleware
    power_assert (0.2.3)
    pry (0.10.1)
      coderay (~> 1.1.0)
      method_source (~> 0.8.1)
      slop (~> 3.4)
    psych (2.0.13)
    rake (10.4.2)
    rdoc (4.2.0)
    redis (3.2.1)
    redis-semaphore (0.2.4)
      redis
    rubygems-bundler (1.4.4)
      bundler-unload (>= 1.0.2)
      executable-hooks (>= 1.3.2)
    rvm (1.11.3.9)
    slop (3.6.0)
    table_print (1.5.4)
    test-unit (3.1.2)
      power_assert
    uuidtools (2.1.5)

PLATFORMS
  ruby

DEPENDENCIES
  airbrake
  awesome_print
  bigdecimal
  builder
  bundler
  bundler-unload
  coderay
  eventmachine
  executable-hooks
  gem-wrappers
  gmail
  gmail_xoauth
  highline (>= 1.7.1)
  json
  mail
  method_source
  mime-types
  minitest
  multi_json
  nexmo
  oauth
  parse-ruby-client
  power_assert
  pry
  psych
  rake
  rdoc
  redis
  redis-semaphore
  rubygems-bundler
  rvm
  slop
  table_print
  test-unit
  uuidtools
